GIT
  remote: git://github.com/tomykaira/rspec-parameterized.git
  revision: 7cf95fceb02ff45b082b3ce0b8323db88a4bef98
  ref: 7cf95fceb02ff45b082b3ce0b8323db88a4bef98
  specs:
    rspec-parameterized (0.0.7)
      rspec (~> 2.13.0)
      ruby2ruby (~> 1.3.1)
      sourcify (~> 0.6.0.rc2)

GEM
  remote: http://rubygems.org/
  specs:
    coderay (1.0.9)
    diff-lcs (1.2.1)
    ffi (1.4.0)
    file-tail (1.0.12)
      tins (~> 0.5)
    growl (1.0.3)
    guard (1.6.2)
      listen (>= 0.6.0)
      lumberjack (>= 1.0.2)
      pry (>= 0.9.10)
      terminal-table (>= 1.4.3)
      thor (>= 0.14.6)
    guard-rspec (2.5.1)
      guard (>= 1.1)
      rspec (~> 2.11)
    listen (0.7.3)
    lumberjack (1.0.2)
    method_source (0.8.1)
    pry (0.9.12)
      coderay (~> 1.0.5)
      method_source (~> 0.8)
      slop (~> 3.4)
    rb-fchange (0.0.6)
      ffi
    rb-fsevent (0.9.3)
    rb-inotify (0.9.0)
      ffi (>= 0.5.0)
    rspec (2.13.0)
      rspec-core (~> 2.13.0)
      rspec-expectations (~> 2.13.0)
      rspec-mocks (~> 2.13.0)
    rspec-core (2.13.1)
    rspec-expectations (2.13.0)
      diff-lcs (>= 1.1.3, < 2.0)
    rspec-mocks (2.13.0)
    ruby2ruby (1.3.1)
      ruby_parser (~> 2.0)
      sexp_processor (~> 3.0)
    ruby_parser (2.3.1)
      sexp_processor (~> 3.0)
    sexp_processor (3.2.0)
    slop (3.4.4)
    sourcify (0.6.0.rc3)
      file-tail (~> 1.0.10)
      ruby2ruby (~> 1.3.1)
      ruby_parser (~> 2.3.1)
      sexp_processor (~> 3.2.0)
    terminal-table (1.4.5)
    thor (0.17.0)
    tins (0.7.2)

PLATFORMS
  ruby

DEPENDENCIES
  growl
  guard-rspec
  rb-fchange
  rb-fsevent
  rb-inotify
  rspec (~> 2.13.0)
  rspec-parameterized!
